GEM
  remote: http://rubygems.org/
  specs:
    coderay (1.0.7)
    ffi (1.0.11)
    json (1.7.3)
    method_source (0.7.1)
    mime-types (1.19)
    progress (2.4.0)
    pry (0.9.9.6)
      coderay (~> 1.0.5)
      method_source (~> 0.7.1)
      slop (>= 2.4.4, < 3)
    slop (2.4.4)
    typhoeus (0.4.2)
      ffi (~> 1.0)
      mime-types (~> 1.18)

PLATFORMS
  ruby

DEPENDENCIES
  json
  progress
  pry
  typhoeus
